GIT
  remote: git://github.com/chriseppstein/compass.git
  revision: 22e2458b77519e8eb8463170c1a1fe4bab105f3e
  branch: rails31
  specs:
    compass (0.12.0.alpha.0.22e2458)
      chunky_png (~> 1.2)
      fssm (>= 0.2.7)
      sass (~> 3.1)

GIT
  remote: git://github.com/typus/typus.git
  revision: 4865b1b0e3269a3db8919861eff079d7bdbb4906
  specs:
    typus (3.1.0)
      jquery-rails
      kaminari
      rails (~> 3.1.0)

GEM
  remote: http://rubygems.org/
  specs:
    actionmailer (3.1.0)
      actionpack (= 3.1.0)
      mail (~> 2.3.0)
    actionpack (3.1.0)
      activemodel (= 3.1.0)
      activesupport (= 3.1.0)
      builder (~> 3.0.0)
      erubis (~> 2.7.0)
      i18n (~> 0.6)
      rack (~> 1.3.2)
      rack-cache (~> 1.0.3)
      rack-mount (~> 0.8.2)
      rack-test (~> 0.6.1)
      sprockets (~> 2.0.0)
    activemodel (3.1.0)
      activesupport (= 3.1.0)
      bcrypt-ruby (~> 3.0.0)
      builder (~> 3.0.0)
      i18n (~> 0.6)
    activerecord (3.1.0)
      activemodel (= 3.1.0)
      activesupport (= 3.1.0)
      arel (~> 2.2.1)
      tzinfo (~> 0.3.29)
    activeresource (3.1.0)
      activemodel (= 3.1.0)
      activesupport (= 3.1.0)
    activesupport (3.1.0)
      multi_json (~> 1.0)
    acts-as-taggable-on (2.1.1)
      rails
    addressable (2.2.4)
    ancestry (1.2.4)
      activerecord (>= 2.2.2)
    ansi (1.3.0)
    archive-tar-minitar (0.5.2)
    arel (2.2.1)
    aws-s3 (0.6.2)
      builder
      mime-types
      xml-simple
    barometer (0.7.3)
      httparty (>= 0.4.5)
      nokogiri
      tzinfo (>= 0.3.14)
    bcrypt-ruby (3.0.0)
    builder (3.0.0)
    cancan (1.6.5)
    capybara (1.1.0)
      mime-types (>= 1.16)
      nokogiri (>= 1.3.3)
      rack (>= 1.0.0)
      rack-test (>= 0.5.4)
      selenium-webdriver (~> 2.0)
      xpath (~> 0.1.4)
    childprocess (0.2.2)
      ffi (~> 1.0.6)
    chunky_png (1.2.1)
    cocaine (0.2.0)
    coffee-rails (3.1.0)
      coffee-script (>= 2.2.0)
      railties (~> 3.1.0.rc1)
    coffee-script (2.2.0)
      coffee-script-source
      execjs
    coffee-script-source (1.1.2)
    columnize (0.3.4)
    compass-960-plugin (0.10.4)
      compass (>= 0.10.0)
    crack (0.1.8)
    cucumber (1.0.2)
      builder (>= 2.1.2)
      diff-lcs (>= 1.1.2)
      gherkin (~> 2.4.5)
      json (>= 1.4.6)
      term-ansicolor (>= 1.0.5)
    cucumber-rails (1.0.2)
      capybara (>= 1.0.0)
      cucumber (~> 1.0.0)
      nokogiri (>= 1.4.6)
    daemons (1.0.10)
    devise (1.4.4)
      bcrypt-ruby (~> 3.0)
      orm_adapter (~> 0.0.3)
      warden (~> 1.0.3)
    diff-lcs (1.1.3)
    em-websocket (0.3.1)
      addressable (>= 2.1.1)
      eventmachine (>= 0.12.9)
    erubis (2.7.0)
    eventmachine (0.12.10)
    execjs (1.2.4)
      multi_json (~> 1.0)
    factory_girl (2.1.0)
    factory_girl_rails (1.2.0)
      factory_girl (~> 2.1.0)
      railties (>= 3.0.0)
    faker (0.9.5)
      i18n (~> 0.4)
    faraday (0.6.1)
      addressable (~> 2.2.4)
      multipart-post (~> 1.1.0)
      rack (< 2, >= 1.1.0)
    faraday_middleware (0.6.5)
      faraday (~> 0.6.0)
    ffi (1.0.9)
    formtastic (2.0.0.rc5)
      rails (~> 3.0)
    fssm (0.2.7)
    gem_plugin (0.2.3)
    geocoder (1.0.2)
    gherkin (2.4.16)
      json (>= 1.4.6)
    gmaps4rails (1.0.2)
      crack
    growl (1.0.3)
    guard (0.6.3)
      thor (~> 0.14.6)
    guard-bundler (0.1.3)
      bundler (>= 1.0.0)
      guard (>= 0.2.2)
    guard-livereload (0.3.1)
      em-websocket (>= 0.2.0)
      guard (>= 0.4.0)
      multi_json (~> 1.0.3)
    guard-rspec (0.4.3)
      guard (>= 0.4.0)
    guard-sass (0.3.3)
      guard (>= 0.4.0)
      sass (>= 3.1)
    haml (3.1.2)
    hashie (1.0.0)
    hike (1.2.1)
    hpricot (0.8.4)
    httparty (0.7.8)
      crack (= 0.1.8)
    i18n (0.6.0)
    jquery-rails (1.0.13)
      railties (~> 3.0)
      thor (~> 0.14)
    json (1.5.4)
    json_pure (1.5.4)
      spruz (~> 0.2.8)
    kaminari (0.12.4)
      rails (>= 3.0.0)
    launchy (2.0.3)
    linecache19 (0.5.12)
      ruby_core_source (>= 0.1.4)
    mail (2.3.0)
      i18n (>= 0.4.0)
      mime-types (~> 1.16)
      treetop (~> 1.4.8)
    mime-types (1.16)
    mongrel (1.2.0.pre2)
      daemons (~> 1.0.10)
      gem_plugin (~> 0.2.3)
    multi_json (1.0.3)
    multi_xml (0.2.2)
    multipart-post (1.1.3)
    net-ldap (0.2.2)
    nokogiri (1.4.7)
    oa-basic (0.2.6)
      oa-core (= 0.2.6)
      rest-client (~> 1.6.0)
    oa-core (0.2.6)
    oa-enterprise (0.2.6)
      addressable (= 2.2.4)
      net-ldap (~> 0.2.2)
      nokogiri (~> 1.4.2)
      oa-core (= 0.2.6)
      pyu-ruby-sasl (~> 0.0.3.1)
      rubyntlm (~> 0.1.1)
    oa-more (0.2.6)
      multi_json (~> 1.0.0)
      oa-core (= 0.2.6)
      rest-client (~> 1.6.0)
    oa-oauth (0.2.6)
      faraday (~> 0.6.1)
      multi_json (~> 1.0.0)
      multi_xml (~> 0.2.2)
      oa-core (= 0.2.6)
      oauth (~> 0.4.0)
      oauth2 (~> 0.4.1)
    oa-openid (0.2.6)
      oa-core (= 0.2.6)
      rack-openid (~> 1.3.1)
      ruby-openid-apps-discovery (~> 1.2.0)
    oauth (0.4.5)
    oauth2 (0.4.1)
      faraday (~> 0.6.1)
      multi_json (>= 0.0.5)
    omniauth (0.2.6)
      oa-basic (= 0.2.6)
      oa-core (= 0.2.6)
      oa-enterprise (= 0.2.6)
      oa-more (= 0.2.6)
      oa-oauth (= 0.2.6)
      oa-openid (= 0.2.6)
    orm_adapter (0.0.5)
    paperclip (2.4.0)
      activerecord (>= 2.3.0)
      activesupport (>= 2.3.2)
      cocaine (>= 0.0.2)
      mime-types
    pg (0.11.0)
    polyglot (0.3.2)
    populator (1.0.0)
    pyu-ruby-sasl (0.0.3.3)
    rack (1.3.2)
    rack-cache (1.0.3)
      rack (>= 0.4)
    rack-mount (0.8.3)
      rack (>= 1.0.0)
    rack-openid (1.3.1)
      rack (>= 1.1.0)
      ruby-openid (>= 2.1.8)
    rack-ssl (1.3.2)
      rack
    rack-test (0.6.1)
      rack (>= 1.0)
    rails (3.1.0)
      actionmailer (= 3.1.0)
      actionpack (= 3.1.0)
      activerecord (= 3.1.0)
      activeresource (= 3.1.0)
      activesupport (= 3.1.0)
      bundler (~> 1.0)
      railties (= 3.1.0)
    rails3-jquery-autocomplete (0.9.1)
      rails (~> 3.0)
    railties (3.1.0)
      actionpack (= 3.1.0)
      activesupport (= 3.1.0)
      rack-ssl (~> 1.3.2)
      rake (>= 0.8.7)
      rdoc (~> 3.4)
      thor (~> 0.14.6)
    rake (0.9.2)
    rdoc (3.9.4)
    rest-client (1.6.7)
      mime-types (>= 1.16)
    rspec (2.6.0)
      rspec-core (~> 2.6.0)
      rspec-expectations (~> 2.6.0)
      rspec-mocks (~> 2.6.0)
    rspec-core (2.6.4)
    rspec-expectations (2.6.0)
      diff-lcs (~> 1.1.2)
    rspec-mocks (2.6.0)
    rspec-rails (2.6.1)
      actionpack (~> 3.0)
      activesupport (~> 3.0)
      railties (~> 3.0)
      rspec (~> 2.6.0)
    ruby-debug-base19 (0.11.25)
      columnize (>= 0.3.1)
      linecache19 (>= 0.5.11)
      ruby_core_source (>= 0.1.4)
    ruby-debug19 (0.11.6)
      columnize (>= 0.3.1)
      linecache19 (>= 0.5.11)
      ruby-debug-base19 (>= 0.11.19)
    ruby-openid (2.1.8)
    ruby-openid-apps-discovery (1.2.0)
      ruby-openid (>= 2.1.7)
    ruby_core_source (0.1.5)
      archive-tar-minitar (>= 0.5.2)
    rubyntlm (0.1.1)
    rubyzip (0.9.4)
    sass (3.1.7)
    sass-rails (3.1.0)
      actionpack (~> 3.1.0)
      railties (~> 3.1.0)
      sass (>= 3.1.4)
    selenium-webdriver (2.5.0)
      childprocess (>= 0.2.1)
      ffi (>= 1.0.7)
      json_pure
      rubyzip
    shoulda (2.11.3)
    simple_oauth (0.1.5)
    sprockets (2.0.0)
      hike (~> 1.2)
      rack (~> 1.0)
      tilt (!= 1.3.0, ~> 1.1)
    spruz (0.2.13)
    sqlite3 (1.3.4)
    term-ansicolor (1.0.6)
    thor (0.14.6)
    tilt (1.3.3)
    treetop (1.4.10)
      polyglot
      polyglot (>= 0.3.1)
    turn (0.8.2)
      ansi (>= 1.2.2)
    twitter (1.6.0)
      faraday (~> 0.6.1)
      faraday_middleware (~> 0.6.3)
      hashie (~> 1.0.0)
      multi_json (~> 1.0.0)
      multi_xml (~> 0.2.0)
      simple_oauth (~> 0.1.5)
    tzinfo (0.3.29)
    uglifier (1.0.2)
      execjs (>= 0.3.0)
      multi_json (>= 1.0.2)
    warden (1.0.5)
      rack (>= 1.0)
    xml-simple (1.1.0)
    xpath (0.1.4)
      nokogiri (~> 1.3)

PLATFORMS
  ruby

DEPENDENCIES
  acts-as-taggable-on
  ancestry
  aws-s3
  barometer
  cancan
  capybara
  coffee-rails (~> 3.1.0)
  compass!
  compass-960-plugin
  cucumber-rails
  devise
  factory_girl_rails
  faker
  formtastic (= 2.0.0.rc5)
  geocoder
  gmaps4rails
  growl
  guard
  guard-bundler
  guard-livereload
  guard-rspec
  guard-sass
  haml
  hpricot
  jquery-rails
  kaminari
  launchy
  mongrel (= 1.2.0.pre2)
  omniauth (>= 0.2.6)
  paperclip
  pg
  populator
  rails (= 3.1.0)
  rails3-jquery-autocomplete
  rspec-rails
  ruby-debug19
  sass-rails (~> 3.1.0)
  shoulda
  sqlite3
  turn
  twitter
  typus!
  uglifier
